GEM
  remote: http://rubygems.org/
  specs:
    actionmailer (2.3.14)
      actionpack (= 2.3.14)
    actionpack (2.3.14)
      activesupport (= 2.3.14)
      rack (~> 1.1.0)
    activerecord (2.3.14)
      activesupport (= 2.3.14)
    activeresource (2.3.14)
      activesupport (= 2.3.14)
    activesupport (2.3.14)
    addressable (2.2.6)
    factory_girl (2.3.1)
      activesupport
    heroku (2.14.0)
      launchy (>= 0.3.2)
      rest-client (~> 1.6.1)
      rubyzip
      term-ansicolor (~> 1.0.5)
    hoe (2.3.3)
      rake (>= 0.8.7)
      rubyforge (>= 1.0.4)
    json_pure (1.6.1)
    launchy (2.0.5)
      addressable (~> 2.2.6)
    mechanize (1.0.0)
      nokogiri (>= 1.2.1)
    mime-types (1.17.2)
    nokogiri (1.4.3.1)
    rack (1.1.2)
    rails (2.3.14)
      actionmailer (= 2.3.14)
      actionpack (= 2.3.14)
      activerecord (= 2.3.14)
      activeresource (= 2.3.14)
      activesupport (= 2.3.14)
      rake (>= 0.8.3)
    rake (0.9.2.2)
    rest-client (1.6.7)
      mime-types (>= 1.16)
    rubyforge (2.0.4)
      json_pure (>= 1.1.7)
    rubyzip (0.9.4)
    sqlite3 (1.3.4)
    term-ansicolor (1.0.7)

PLATFORMS
  ruby

DEPENDENCIES
  factory_girl
  heroku
  hoe (= 2.3.3)
  mechanize (= 1.0.0)
  nokogiri (= 1.4.3.1)
  rails (~> 2.3)
  sqlite3
