GEM
  remote: http://rubygems.org/
  specs:
    actionmailer (2.3.9)
      actionpack (= 2.3.9)
    actionpack (2.3.9)
      activesupport (= 2.3.9)
      rack (~> 1.1.0)
    activerecord (2.3.9)
      activesupport (= 2.3.9)
    activeresource (2.3.9)
      activesupport (= 2.3.9)
    activesupport (2.3.9)
    factory_girl (2.3.1)
      activesupport
    hoe (2.3.3)
      rake (>= 0.8.7)
      rubyforge (>= 1.0.4)
    json_pure (1.6.1)
    mechanize (1.0.0)
      nokogiri (>= 1.2.1)
    nokogiri (1.4.3.1)
    rack (1.1.2)
    rails (2.3.9)
      actionmailer (= 2.3.9)
      actionpack (= 2.3.9)
      activerecord (= 2.3.9)
      activeresource (= 2.3.9)
      activesupport (= 2.3.9)
      rake (>= 0.8.3)
    rake (0.9.2.2)
    rubyforge (2.0.4)
      json_pure (>= 1.1.7)
    sqlite3 (1.3.4)

PLATFORMS
  ruby

DEPENDENCIES
  factory_girl
  hoe (= 2.3.3)
  mechanize (= 1.0.0)
  nokogiri (= 1.4.3.1)
  rails (= 2.3.9)
  sqlite3
